GEM
  remote: https://rubygems.org/
  specs:
    jaeger-client (0.6.1)
      opentracing (~> 0.3)
      thrift
    json (2.1.0)
    mini_portile2 (2.4.0)
    mustermann (1.0.3)
    nokogiri (1.10.6)
      mini_portile2 (~> 2.4.0)
    opentracing (0.4.1)
    puma (3.12.2)
    rack (2.0.8)
    rack-cors (1.1.0)
      rack (>= 2.0.0)
    rack-protection (2.0.7)
      rack
    rack-tracer (0.9.0)
      opentracing (~> 0.4)
    shotgun (0.9.2)
      rack (>= 1.0)
    sinatra (2.0.7)
      mustermann (~> 1.0)
      rack (~> 2.0)
      rack-protection (= 2.0.7)
      tilt (~> 2.0)
    spanmanager (0.3.0)
      opentracing
    thrift (0.11.0.0)
    tilt (2.0.10)

PLATFORMS
  ruby

DEPENDENCIES
  jaeger-client (= 0.6.1)
  json
  nokogiri (= 1.10.6)
  opentracing (= 0.4.1)
  puma
  rack (= 2.0.8)
  rack-cors
  rack-tracer (= 0.9.0)
  shotgun
  sinatra
  spanmanager (= 0.3.0)

BUNDLED WITH
   2.0.2
