GEM
  remote: https://rubygems.org/
  specs:
    jaeger-client (1.2.0)
      opentracing (~> 0.3)
      thrift
    json (2.6.1)
    mini_portile2 (2.8.0)
    mustermann (1.1.1)
      ruby2_keywords (~> 0.0.1)
    nio4r (2.5.8)
    nokogiri (1.13.4)
      mini_portile2 (~> 2.8.0)
      racc (~> 1.4)
    nokogiri (1.13.4-x86_64-linux)
      racc (~> 1.4)
    opentracing (0.5.0)
    puma (5.6.1)
      nio4r (~> 2.0)
    racc (1.6.0)
    rack (2.2.3)
    rack-cors (1.1.1)
      rack (>= 2.0.0)
    rack-protection (2.1.0)
      rack
    rack-tracer (0.9.0)
      opentracing (~> 0.4)
    ruby2_keywords (0.0.5)
    shotgun (0.9.2)
      rack (>= 1.0)
    sinatra (2.1.0)
      mustermann (~> 1.0)
      rack (~> 2.2)
      rack-protection (= 2.1.0)
      tilt (~> 2.0)
    thrift (0.15.0)
    tilt (2.0.10)

PLATFORMS
  powerpc64le-linux
  ruby
  x86_64-linux

DEPENDENCIES
  jaeger-client (~> 1)
  json
  nokogiri (~> 1)
  puma
  rack (~> 2)
  rack-cors
  rack-tracer (~> 0.9)
  shotgun
  sinatra

BUNDLED WITH
   2.3.6
