GEM
  remote: https://rubygems.org/
  specs:
    jaeger-client (1.1.0)
      opentracing (~> 0.3)
      thrift
    json (2.5.1)
    mini_portile2 (2.5.0)
    mustermann (1.1.1)
      ruby2_keywords (~> 0.0.1)
    nio4r (2.5.5)
    nokogiri (1.11.3)
      mini_portile2 (~> 2.5.0)
      racc (~> 1.4)
    nokogiri (1.11.3-x86_64-linux)
      racc (~> 1.4)
    opentracing (0.5.0)
    puma (5.2.2)
      nio4r (~> 2.0)
    racc (1.5.2)
    rack (2.2.3)
    rack-cors (1.1.1)
      rack (>= 2.0.0)
    rack-protection (2.1.0)
      rack
    rack-tracer (0.9.0)
      opentracing (~> 0.4)
    ruby2_keywords (0.0.2)
    shotgun (0.9.2)
      rack (>= 1.0)
    sinatra (2.1.0)
      mustermann (~> 1.0)
      rack (~> 2.2)
      rack-protection (= 2.1.0)
      tilt (~> 2.0)
    thrift (0.13.0)
    tilt (2.0.10)

PLATFORMS
  ruby
  x86_64-linux

DEPENDENCIES
  jaeger-client (~> 1)
  json
  nokogiri (~> 1)
  puma
  rack (~> 2)
  rack-cors
  rack-tracer (~> 0.9)
  shotgun
  sinatra

BUNDLED WITH
   2.2.4
