GEM
  remote: https://rubygems.org/
  specs:
    concurrent-ruby (1.0.2)
    faraday (0.10.0)
      multipart-post (>= 1.2, < 3)
    finagle-thrift (1.4.2)
      thrift (~> 0.9.3)
    json (2.0.2)
    mini_portile2 (2.1.0)
    multipart-post (2.0.0)
    nokogiri (1.6.8.1)
      mini_portile2 (~> 2.1.0)
    puma (3.6.0)
    rack (1.6.5)
    rack-protection (1.5.3)
      rack
    shotgun (0.9.2)
      rack (>= 1.0)
    sinatra (1.4.7)
      rack (~> 1.5)
      rack-protection (~> 1.4)
      tilt (>= 1.3, < 3)
    sucker_punch (2.0.2)
      concurrent-ruby (~> 1.0.0)
    thrift (0.9.3.0)
    tilt (2.0.5)
    zipkin-tracer (0.19.1)
      faraday (~> 0.8)
      finagle-thrift (~> 1.4.2)
      rack (>= 1.0)
      sucker_punch (~> 2.0)

PLATFORMS
  ruby

DEPENDENCIES
  json
  nokogiri (= 1.6.8.1)
  puma
  rack (= 1.6.5)
  shotgun
  sinatra
  zipkin-tracer

BUNDLED WITH
   1.13.6
