GEM
  remote: https://rubygems.org/
  specs:
    jaeger-client (1.0.0)
      opentracing (~> 0.3)
      thrift
    json (2.3.1)
    mini_portile2 (2.4.0)
    mustermann (1.1.1)
      ruby2_keywords (~> 0.0.1)
    nio4r (2.5.4)
    nokogiri (1.10.10)
      mini_portile2 (~> 2.4.0)
    opentracing (0.5.0)
    puma (5.0.0)
      nio4r (~> 2.0)
    rack (2.2.3)
    rack-cors (1.1.1)
      rack (>= 2.0.0)
    rack-protection (2.0.8.1)
      rack
    rack-tracer (0.9.0)
      opentracing (~> 0.4)
    ruby2_keywords (0.0.2)
    shotgun (0.9.2)
      rack (>= 1.0)
    sinatra (2.0.8.1)
      mustermann (~> 1.0)
      rack (~> 2.0)
      rack-protection (= 2.0.8.1)
      tilt (~> 2.0)
    spanmanager (0.3.0)
      opentracing
    thrift (0.11.0.0)
    tilt (2.0.10)

PLATFORMS
  ruby

DEPENDENCIES
  jaeger-client (~> 1)
  json
  nokogiri (~> 1)
  opentracing (~> 0.5)
  puma
  rack (~> 2)
  rack-cors
  rack-tracer (= 0.9.0)
  shotgun
  sinatra
  spanmanager (= 0.3.0)

BUNDLED WITH
   2.1.4
