GEM
  remote: https://rubygems.org/
  specs:
    jaeger-client (0.4.2)
      opentracing (~> 0.3)
      thrift
    json (2.1.0)
    mini_portile2 (2.3.0)
    mustermann (1.0.2)
    nokogiri (1.8.2)
      mini_portile2 (~> 2.3.0)
    opentracing (0.4.1)
    puma (3.11.4)
    rack (2.0.5)
    rack-cors (1.0.2)
    rack-protection (2.0.3)
      rack
    rack-tracer (0.6.0)
      opentracing
    shotgun (0.9.2)
      rack (>= 1.0)
    sinatra (2.0.3)
      mustermann (~> 1.0)
      rack (~> 2.0)
      rack-protection (= 2.0.3)
      tilt (~> 2.0)
    spanmanager (0.3.0)
      opentracing
    thrift (0.11.0.0)
    tilt (2.0.8)

PLATFORMS
  ruby

DEPENDENCIES
  jaeger-client (= 0.4.2)
  json
  nokogiri (= 1.8.2)
  opentracing (= 0.4.1)
  puma
  rack (= 2.0.5)
  rack-cors
  rack-tracer (= 0.6.0)
  shotgun
  sinatra
  spanmanager (= 0.3.0)

RUBY VERSION
   ruby 2.3.1p112

BUNDLED WITH
   1.16.2
