GEM
  remote: https://rubygems.org/
  specs:
    jaeger-client (0.6.1)
      opentracing (~> 0.3)
      thrift
    json (2.1.0)
    mini_portile2 (2.4.0)
    mustermann (1.0.3)
    nokogiri (1.10.4)
      mini_portile2 (~> 2.4.0)
    opentracing (0.4.1)
    puma (3.12.1)
    rack (2.0.7)
    rack-cors (1.0.6)
      rack (>= 1.6.0)
    rack-protection (2.0.5)
      rack
    rack-tracer (0.9.0)
      opentracing (~> 0.4)
    shotgun (0.9.2)
      rack (>= 1.0)
    sinatra (2.0.5)
      mustermann (~> 1.0)
      rack (~> 2.0)
      rack-protection (= 2.0.5)
      tilt (~> 2.0)
    spanmanager (0.3.0)
      opentracing
    thrift (0.11.0.0)
    tilt (2.0.9)

PLATFORMS
  ruby

DEPENDENCIES
  jaeger-client (= 0.6.1)
  json
  nokogiri (= 1.10.4)
  opentracing (= 0.4.1)
  puma
  rack (= 2.0.7)
  rack-cors
  rack-tracer (= 0.9.0)
  shotgun
  sinatra
  spanmanager (= 0.3.0)

RUBY VERSION
   ruby 2.3.1p112

BUNDLED WITH
   1.16.2
