GEM
  remote: https://rubygems.org/
  specs:
    async_sinatra (1.1.0)
      rack (>= 1.4.1)
      sinatra (>= 1.3.2)
    daemons (1.1.9)
    eventmachine (1.0.3)
    json (1.8.1)
    newrelic_rpm (3.7.2.192)
    rack (1.5.2)
    rack-protection (1.5.2)
      rack
    shotgun (0.9)
      rack (>= 1.0)
    sinatra (1.4.4)
      rack (~> 1.4)
      rack-protection (~> 1.4)
      tilt (~> 1.3, >= 1.3.4)
    thin (1.6.1)
      daemons (>= 1.0.9)
      eventmachine (>= 1.0.0)
      rack (>= 1.0.0)
    tilt (1.4.1)

PLATFORMS
  ruby

DEPENDENCIES
  async_sinatra
  json
  newrelic_rpm
  shotgun
  sinatra
  thin
